PATH
  remote: .
  specs:
    dotfiles-installer (0.0.1)
      ansi (~> 1.3)

GEM
  remote: http://rubygems.org/
  specs:
    ansi (1.3.0)
    assert (0.6.0)
      assert-view (~> 0.3)
    assert-view (0.3.0)
      ansi (~> 1.3)
      undies (~> 1.1)
    rake (0.9.2)
    undies (1.1.0)

PLATFORMS
  ruby

DEPENDENCIES
  assert
  bundler
  dotfiles-installer!
  rake (~> 0.9.2)
